GEM
  remote: https://rubygems.org/
  specs:
    addressable (2.5.1)
      public_suffix (~> 2.0, >= 2.0.2)
    ffi (1.9.18)
    json-schema (2.8.0)
      addressable (>= 2.4)
    listen (3.1.5)
      rb-fsevent (~> 0.9, >= 0.9.4)
      rb-inotify (~> 0.9, >= 0.9.7)
      ruby_dep (~> 1.2)
    mustermann (2.0.2)
      ruby2_keywords (~> 0.0.1)
    public_suffix (2.0.5)
    rack (2.2.4)
    rack-protection (2.2.3)
      rack
    rack-test (0.7.0)
      rack (>= 1.0, < 3)
    rb-fsevent (0.10.2)
    rb-inotify (0.9.10)
      ffi (>= 0.5.0, < 2)
    rerun (0.11.0)
      listen (~> 3.0)
    ruby2_keywords (0.0.5)
    ruby_dep (1.5.0)
    sinatra (2.2.3)
      mustermann (~> 2.0)
      rack (~> 2.2)
      rack-protection (= 2.2.3)
      tilt (~> 2.0)
    tilt (2.0.11)

PLATFORMS
  ruby

DEPENDENCIES
  json-schema
  rack-test
  rerun
  sinatra

RUBY VERSION
   ruby 2.4.1p111

BUNDLED WITH
   1.15.2
